GEM
  remote: https://rubygems.org/
  specs:
    cuba (3.4.0)
      rack
    rack (1.6.4)

PLATFORMS
  ruby

DEPENDENCIES
  cuba

BUNDLED WITH
   1.10.6
